GIT
  remote: https://github.com/railty/json-odf-report.git
  revision: 87579b1da26dece15c47e15cdc81101a5a804c02
  specs:
    json-odf-report (0.4.4)
      nokogiri (>= 1.5.0)
      rubyzip (~> 0.9.4)

GEM
  remote: https://rubygems.org/
  specs:
    json (1.8.1)
    mini_portile (0.5.2)
    nokogiri (1.6.1-x86-mingw32)
      mini_portile (~> 0.5.0)
    rubyzip (0.9.9)
    tiny_tds (0.6.1)
    tiny_tds (0.6.1-x86-mingw32)

PLATFORMS
  x86-mingw32

DEPENDENCIES
  json
  json-odf-report!
  tiny_tds
